GEM
  remote: https://rubygems.org/
  specs:
    docker-api (1.22.4)
      excon (>= 0.38.0)
      json
    excon (0.45.4)
    json (1.8.3)

PLATFORMS
  ruby

DEPENDENCIES
  docker-api
