GEM
  remote: https://rubygems.org/
  specs:
    bson (3.2.6)
    cause (0.1)
    coderay (1.1.0)
    gnuplot (2.6.2)
    influxdb (0.2.3)
      cause
      json
    json (1.8.3)
    method_source (0.8.2)
    mongo (2.1.2)
      bson (~> 3.0)
    pry (0.10.3)
      coderay (~> 1.1.0)
      method_source (~> 0.8.1)
      slop (~> 3.4)
    slop (3.6.0)

PLATFORMS
  ruby

DEPENDENCIES
  gnuplot
  influxdb
  json
  mongo
  pry
