GEM
  remote: https://rubygems.org/
  specs:
    bson (3.2.6)
    cause (0.1)
    coderay (1.1.0)
    domain_name (0.5.25)
      unf (>= 0.0.5, < 1.0.0)
    gnuplot (2.6.2)
    http-cookie (1.0.2)
      domain_name (~> 0.5)
    influxdb (0.2.3)
      cause
      json
    json (1.8.3)
    method_source (0.8.2)
    mime-types (2.6.2)
    mongo (2.1.2)
      bson (~> 3.0)
    netrc (0.11.0)
    pry (0.10.3)
      coderay (~> 1.1.0)
      method_source (~> 0.8.1)
      slop (~> 3.4)
    rest-client (1.8.0)
      http-cookie (>= 1.0.2, < 2.0)
      mime-types (>= 1.16, < 3.0)
      netrc (~> 0.7)
    slop (3.6.0)
    unf (0.1.4)
      unf_ext
    unf_ext (0.0.7.1)

PLATFORMS
  ruby

DEPENDENCIES
  gnuplot
  influxdb
  json
  mongo
  pry
  rest-client
